RESTRICTION: == netstandard2.0
NUGET
  remote: https://www.nuget.org/api/v2
    dotnet-fable (1.3.14) - clitool: true
    Fable.Core (1.3.12)
      FSharp.Core (>= 4.2.3)
      NETStandard.Library (>= 1.6.1)
    Fable.Elmish (1.0.1)
      Fable.Core (>= 1.2.4)
      Fable.PowerPack (>= 1.3)
      FSharp.Core (>= 4.2.3)
    Fable.Elmish.Browser (1.0)
      Fable.Core (>= 1.2.4)
      Fable.Elmish (>= 1.0)
      Fable.Import.Browser (>= 0.1)
      FSharp.Core (>= 4.2.3)
    Fable.Elmish.Debugger (1.0.1)
      Fable.Core (>= 1.3.1)
      Fable.Elmish (>= 1.0)
      FSharp.Core (>= 4.2.3)
    Fable.Elmish.HMR (1.0)
      Fable.Core (>= 1.2.4)
      Fable.Elmish (>= 0.9.2)
      FSharp.Core (>= 4.2.3)
    Fable.Elmish.React (1.0.3)
      Fable.Core (>= 1.3.8)
      Fable.Elmish (>= 1.0.1)
      Fable.PowerPack (>= 1.3.2)
      Fable.React (>= 2.0)
      FSharp.Core (>= 4.2.3)
    Fable.Import.Browser (1.1.1)
      Fable.Core (>= 1.3.7)
      FSharp.Core (>= 4.2.3)
    Fable.PowerPack (1.4)
      Fable.Core (>= 1.3.8)
      Fable.Import.Browser (>= 1.0)
      FSharp.Core (>= 4.2.3)
    Fable.React (3.1)
      Fable.Core (>= 1.3.7)
      Fable.Import.Browser (>= 0.1)
      FSharp.Core (>= 4.2.3)
    FAKE (4.64.11)
    FSharp.Core (4.3.4)
    Microsoft.NETCore.Platforms (2.0.1)
    NETStandard.Library (2.0.1)
      Microsoft.NETCore.Platforms (>= 1.1)
